PATH
  remote: .
  specs:
    atlas (0.1.0)
      activesupport

GEM
  remote: https://rubygems.org/
  specs:
    activesupport (5.2.8.1)
      concurrent-ruby (~> 1.0, >= 1.0.2)
      i18n (>= 0.7, < 2)
      minitest (~> 5.1)
      tzinfo (~> 1.1)
    concurrent-ruby (1.1.10)
    diff-lcs (1.3)
    i18n (1.5.1)
      concurrent-ruby (~> 1.0)
    minitest (5.15.0)
    rake (10.4.2)
    rspec (3.8.0)
      rspec-core (~> 3.8.0)
      rspec-expectations (~> 3.8.0)
      rspec-mocks (~> 3.8.0)
    rspec-core (3.8.0)
      rspec-support (~> 3.8.0)
    rspec-expectations (3.8.2)
      diff-lcs (>= 1.2.0, < 2.0)
      rspec-support (~> 3.8.0)
    rspec-mocks (3.8.0)
      diff-lcs (>= 1.2.0, < 2.0)
      rspec-support (~> 3.8.0)
    rspec-support (3.8.0)
    rspec_junit_formatter (0.5.1)
      rspec-core (>= 2, < 4, != 2.12.0)
    thread_safe (0.3.6)
    tzinfo (1.2.10)
      thread_safe (~> 0.1)

PLATFORMS
  ruby

DEPENDENCIES
  atlas!
  bundler (~> 1.15)
  rake (~> 10.0)
  rspec
  rspec_junit_formatter

RUBY VERSION
   ruby 2.2.10p489

BUNDLED WITH
   1.16.5
